GEM
  remote: https://rubygems.org/
  specs:
    facter (1.6.17)
    hiera (1.0.0)
    json (1.7.6)
    librarian-puppet (0.9.3)
      json
      puppet
      thor (~> 0.15)
    puppet (3.0.2)
      facter (~> 1.6.11)
      hiera (~> 1.0.0)
    thor (0.17.0)

PLATFORMS
  ruby

DEPENDENCIES
  librarian-puppet (= 0.9.3)
